PATH
  remote: .
  specs:
    bulkseed_mysql (0.1.1)

GEM
  remote: https://rubygems.org/
  specs:
    power_assert (2.0.0)
    rake (13.0.6)
    test-unit (3.4.4)
      power_assert

PLATFORMS
  arm64-darwin-20

DEPENDENCIES
  bulkseed_mysql!
  rake (~> 13.0)
  test-unit (~> 3.0)

BUNDLED WITH
   2.2.3
